PATH
  remote: .
  specs:
    git-shell (0.1.0)
      config (>= 1.6.1, < 1.8.0)
      rest-client (~> 2.0.2)

GEM
  remote: https://rubygems.org/
  specs:
    activesupport (5.1.6)
      concurrent-ruby (~> 1.0, >= 1.0.2)
      i18n (>= 0.7, < 2)
      minitest (~> 5.1)
      tzinfo (~> 1.1)
    ast (2.4.0)
    binding_of_caller (0.8.0)
      debug_inspector (>= 0.0.1)
    byebug (10.0.2)
    codecov (0.1.10)
      json
      simplecov
      url
    coderay (1.1.2)
    concurrent-ruby (1.0.5)
    config (1.7.0)
      activesupport (>= 3.0)
      deep_merge (~> 1.2.1)
      dry-validation (>= 0.10.4)
    debug_inspector (0.0.3)
    deep_merge (1.2.1)
    diff-lcs (1.3)
    docile (1.3.0)
    domain_name (0.5.20170404)
      unf (>= 0.0.5, < 1.0.0)
    dry-configurable (0.7.0)
      concurrent-ruby (~> 1.0)
    dry-container (0.6.0)
      concurrent-ruby (~> 1.0)
      dry-configurable (~> 0.1, >= 0.1.3)
    dry-core (0.4.5)
      concurrent-ruby (~> 1.0)
    dry-equalizer (0.2.0)
    dry-logic (0.4.2)
      dry-container (~> 0.2, >= 0.2.6)
      dry-core (~> 0.2)
      dry-equalizer (~> 0.2)
    dry-types (0.12.2)
      concurrent-ruby (~> 1.0)
      dry-configurable (~> 0.1)
      dry-container (~> 0.3)
      dry-core (~> 0.2, >= 0.2.1)
      dry-equalizer (~> 0.2)
      dry-logic (~> 0.4, >= 0.4.2)
      inflecto (~> 0.0.0, >= 0.0.2)
    dry-validation (0.11.1)
      concurrent-ruby (~> 1.0)
      dry-configurable (~> 0.1, >= 0.1.3)
      dry-core (~> 0.2, >= 0.2.1)
      dry-equalizer (~> 0.2)
      dry-logic (~> 0.4, >= 0.4.0)
      dry-types (~> 0.12.0)
    fuubar (2.3.2)
      rspec-core (~> 3.0)
      ruby-progressbar (~> 1.4)
    http-cookie (1.0.3)
      domain_name (~> 0.5)
    i18n (1.0.0)
      concurrent-ruby (~> 1.0)
    inflecto (0.0.2)
    interception (0.5)
    jaro_winkler (1.5.2)
    json (2.1.0)
    method_source (0.9.2)
    mime-types (3.1)
      mime-types-data (~> 3.2015)
    mime-types-data (3.2016.0521)
    minitest (5.11.3)
    netrc (0.11.0)
    parallel (1.13.0)
    parser (2.6.0.0)
      ast (~> 2.4.0)
    powerpack (0.1.2)
    pry (0.12.2)
      coderay (~> 1.1.0)
      method_source (~> 0.9.0)
    pry-byebug (3.6.0)
      byebug (~> 10.0)
      pry (~> 0.10)
    pry-rescue (1.4.5)
      interception (>= 0.5)
      pry
    pry-stack_explorer (0.4.9.3)
      binding_of_caller (>= 0.7)
      pry (>= 0.9.11)
    psych (3.1.0)
    rainbow (3.0.0)
    rake (12.3.1)
    rest-client (2.0.2)
      http-cookie (>= 1.0.2, < 2.0)
      mime-types (>= 1.16, < 4.0)
      netrc (~> 0.8)
    rspec (3.8.0)
      rspec-core (~> 3.8.0)
      rspec-expectations (~> 3.8.0)
      rspec-mocks (~> 3.8.0)
    rspec-core (3.8.0)
      rspec-support (~> 3.8.0)
    rspec-expectations (3.8.2)
      diff-lcs (>= 1.2.0, < 2.0)
      rspec-support (~> 3.8.0)
    rspec-mocks (3.8.0)
      diff-lcs (>= 1.2.0, < 2.0)
      rspec-support (~> 3.8.0)
    rspec-support (3.8.0)
    rubocop (0.65.0)
      jaro_winkler (~> 1.5.1)
      parallel (~> 1.10)
      parser (>= 2.5, != 2.5.1.1)
      powerpack (~> 0.1)
      psych (>= 3.1.0)
      rainbow (>= 2.2.2, < 4.0)
      ruby-progressbar (~> 1.7)
      unicode-display_width (~> 1.4.0)
    ruby-progressbar (1.10.0)
    simplecov (0.16.1)
      docile (~> 1.1)
      json (>= 1.8, < 3)
      simplecov-html (~> 0.10.0)
    simplecov-html (0.10.2)
    thread_safe (0.3.6)
    tzinfo (1.2.5)
      thread_safe (~> 0.1)
    unf (0.1.4)
      unf_ext
    unf_ext (0.0.7.5)
    unicode-display_width (1.4.1)
    url (0.3.2)

PLATFORMS
  ruby

DEPENDENCIES
  bundler (~> 1.14)
  codecov (~> 0.1.10)
  fuubar (~> 2.3.0)
  git-shell!
  pry (~> 0.12.2)
  pry-byebug (~> 3.6.0)
  pry-rescue (~> 1.4.4)
  pry-stack_explorer (~> 0.4.9.2)
  rake (~> 12.0)
  rspec (~> 3.7)
  rubocop (~> 0.65.0)
  simplecov (~> 0.16.1)

BUNDLED WITH
   1.16.1
